GIT
  remote: https://github.com/boazsegev/iodine
  revision: b95ed44d569ba913b41644da1bb9cb9fbc6c118c
  specs:
    iodine (0.4.3)
      rack

GEM
  remote: https://rubygems.org/
  specs:
    plezi (0.15.0)
      bundler (~> 1.14)
      iodine (~> 0.4)
      rack (>= 2.0.0)
    rack (2.0.3)
    redcarpet (3.4.0)
    sass (3.4.24)
    slim (3.0.8)
      temple (>= 0.7.6, < 0.9)
      tilt (>= 1.3.3, < 2.1)
    temple (0.8.0)
    tilt (2.0.7)

PLATFORMS
  ruby

DEPENDENCIES
  iodine!
  plezi (~> 0.15.0)
  redcarpet
  sass
  slim

BUNDLED WITH
   1.14.6
