GEM
  remote: https://rubygems.org/
  specs:
    iodine (0.1.18)
    plezi (0.12.18)
      iodine (~> 0.1.18)
    redcarpet (3.3.3)
    sass (3.4.19)
    slim (3.0.6)
      temple (~> 0.7.3)
      tilt (>= 1.3.3, < 2.1)
    temple (0.7.6)
    tilt (2.0.1)

PLATFORMS
  ruby

DEPENDENCIES
  plezi (~> 0.12.7)
  redcarpet
  sass
  slim

BUNDLED WITH
   1.10.6
