GEM
  remote: https://rubygems.org/
  specs:
    iodine (0.2.0)
      rack
      rake-compiler
    plezi (0.13.0)
      iodine (~> 0.2.0)
      rack
    rack (1.6.4)
    rake (10.5.0)
    rake-compiler (0.9.5)
      rake
    redcarpet (3.3.3)
    sass (3.4.21)
    slim (3.0.6)
      temple (~> 0.7.3)
      tilt (>= 1.3.3, < 2.1)
    temple (0.7.6)
    tilt (2.0.2)

PLATFORMS
  ruby

DEPENDENCIES
  plezi (~> 0.13.0)
  redcarpet
  sass
  slim

BUNDLED WITH
   1.11.2
