GEM
  remote: https://rubygems.org/
  specs:
    iodine (0.2.1)
      rack
      rake-compiler
    plezi (0.14.1)
      iodine (~> 0.2.1)
    rack (2.0.1)
    rake (11.2.2)
    rake-compiler (1.0.1)
      rake
    redcarpet (3.3.4)
    sass (3.4.22)
    slim (3.0.7)
      temple (~> 0.7.6)
      tilt (>= 1.3.3, < 2.1)
    temple (0.7.7)
    tilt (2.0.5)

PLATFORMS
  ruby

DEPENDENCIES
  plezi (~> 0.14.0)
  redcarpet
  sass
  slim

BUNDLED WITH
   1.12.5
