GEM
  remote: https://rubygems.org/
  specs:
    iodine (0.4.0)
      rack
      rake-compiler (>= 1)
    plezi (0.15.0)
      bundler (~> 1.14)
      iodine (~> 0.4)
      rack (>= 2.0.0)
    rack (2.0.3)
    rake (12.0.0)
    rake-compiler (1.0.4)
      rake
    redcarpet (3.4.0)
    sass (3.4.24)
    slim (3.0.8)
      temple (>= 0.7.6, < 0.9)
      tilt (>= 1.3.3, < 2.1)
    temple (0.8.0)
    tilt (2.0.7)

PLATFORMS
  ruby

DEPENDENCIES
  plezi (~> 0.15.0)
  redcarpet
  sass
  slim

BUNDLED WITH
   1.14.6
