GEM
  remote: https://rubygems.org/
  specs:
    ffi (1.9.25)
    iodine (0.7.7)
      rack (>= 1.0, < 3.0)
    plezi (0.16.3)
      bundler (~> 1.14)
      iodine (>= 0.6.0, < 0.8.0)
      rack (>= 2.0.0)
    rack (2.0.5)
    rb-fsevent (0.10.3)
    rb-inotify (0.9.10)
      ffi (>= 0.5.0, < 2)
    redcarpet (3.4.0)
    sass (3.6.0)
      sass-listen (~> 4.0.0)
    sass-listen (4.0.0)
      rb-fsevent (~> 0.9, >= 0.9.4)
      rb-inotify (~> 0.9, >= 0.9.7)
    slim (4.0.1)
      temple (>= 0.7.6, < 0.9)
      tilt (>= 2.0.6, < 2.1)
    temple (0.8.0)
    tilt (2.0.8)

PLATFORMS
  ruby

DEPENDENCIES
  iodine
  plezi
  redcarpet
  sass
  slim

BUNDLED WITH
   1.16.3
