PATH
  remote: /Users/2Be/Ruby/plezi/plezi
  specs:
    plezi (0.14.0)
      iodine (~> 0.2.0)

GEM
  remote: https://rubygems.org/
  specs:
    iodine (0.2.0)
      rack
      rake-compiler
    rack (2.0.1)
    rake (11.2.2)
    rake-compiler (0.9.5)
      rake
    redcarpet (3.3.4)
    sass (3.4.22)
    slim (3.0.7)
      temple (~> 0.7.6)
      tilt (>= 1.3.3, < 2.1)
    temple (0.7.6)
    tilt (1.4.1)

PLATFORMS
  ruby

DEPENDENCIES
  plezi!
  redcarpet
  sass
  slim

BUNDLED WITH
   1.12.5
